GEM
  remote: https://rubygems.org/
  specs:
    celluloid (0.14.1)
      timers (>= 1.0.0)
    connection_pool (2.2.0)
    hitimes (1.2.4)
    multi_json (1.12.1)
    rack (1.6.4)
    redis (3.3.1)
    redis-namespace (1.5.2)
      redis (~> 3.0, >= 3.0.4)
    sidekiq (2.11.2)
      celluloid (>= 0.13.0)
      connection_pool (>= 1.0.0)
      multi_json
      redis (>= 3.0)
      redis-namespace
    sidekiq-status (0.6.0)
      sidekiq (>= 2.7)
    timers (2.0.0)
      hitimes

PLATFORMS
  ruby

DEPENDENCIES
  rack (= 1.6.4)
  sidekiq (= 2.11.2)
  sidekiq-status (= 0.6.0)
  timers (= 2.0.0)

BUNDLED WITH
   1.11.2
